GIT
  remote: https://github.com/davidsilveira/client-ruby.git
  revision: c1619f2e28cfa104b2b31c4614859293128c3cf0
  specs:
    omnitrade_client (0.0.2)
      faye-websocket (~> 0.9.2)

GEM
  remote: https://rubygems.org/
  specs:
    bigdecimal (1.4.3)
    dotenv (2.6.0)
    eventmachine (1.2.7)
    faye-websocket (0.9.2)
      eventmachine (>= 0.12.0)
      websocket-driver (>= 0.5.1)
    websocket-driver (0.7.0)
      websocket-extensions (>= 0.1.0)
    websocket-extensions (0.1.5)

PLATFORMS
  ruby

DEPENDENCIES
  bigdecimal
  dotenv
  omnitrade_client!

BUNDLED WITH
   1.16.2
